GIT
  remote: git://github.com/sinatra/sinatra.git
  revision: 91bce0b4b7857eaead6636db577be5c65aa1399d
  specs:
    sinatra (1.4.0)
      rack (~> 1.3, >= 1.3.6)
      rack-protection (~> 1.2)
      tilt (~> 1.3, >= 1.3.3)

GEM
  remote: http://rubygems.org/
  specs:
    diff-lcs (1.1.3)
    hashie (1.2.0)
    hiredis (0.4.5)
    multi_json (1.3.6)
    pusher (0.9.4)
      multi_json (~> 1.0)
      signature (~> 0.1.2)
    rack (1.4.1)
    rack-protection (1.2.0)
      rack
    rack-test (0.6.1)
      rack (>= 1.0)
    rake (0.8.7)
    redis (2.2.2)
    rspec (2.11.0)
      rspec-core (~> 2.11.0)
      rspec-expectations (~> 2.11.0)
      rspec-mocks (~> 2.11.0)
    rspec-core (2.11.1)
    rspec-expectations (2.11.1)
      diff-lcs (~> 1.1.3)
    rspec-mocks (2.11.1)
    signature (0.1.3)
    tilt (1.3.3)
    yajl-ruby (1.1.0)

PLATFORMS
  ruby

DEPENDENCIES
  hashie
  hiredis
  pusher
  rack-test
  rake (= 0.8.7)
  redis (~> 2.2.0)
  rspec
  sinatra!
  yajl-ruby
